GEM
  remote: https://rubygems.org/
  specs:
    awesome_print (1.7.0)
    esa (1.6.0)
      faraday (~> 0.9)
      faraday_middleware
      mime-types (~> 2.6)
      multi_xml (~> 0.5.5)
    faraday (0.9.2)
      multipart-post (>= 1.2, < 3)
    faraday_middleware (0.10.0)
      faraday (>= 0.7.4, < 0.10)
    mime-types (2.99.2)
    multi_xml (0.5.5)
    multipart-post (2.0.0)

PLATFORMS
  ruby

DEPENDENCIES
  awesome_print
  esa

BUNDLED WITH
   1.12.5
